GEM
  remote: http://rubygems.org/
  specs:
    json (1.8.3)
    mime-types (1.25.1)
    rack (1.6.4)
    rack-protection (1.5.3)
      rack
    rest-client (1.6.9)
      mime-types (~> 1.16)
    sinatra (1.3.6)
      rack (~> 1.4)
      rack-protection (~> 1.3)
      tilt (~> 1.3, >= 1.3.3)
    tilt (1.4.1)

PLATFORMS
  ruby

DEPENDENCIES
  json (~> 1.8)
  rest-client (~> 1.6.3)
  sinatra (~> 1.3.5)

BUNDLED WITH
   1.10.6
